REDIRECTS: ON
RESTRICTION: == net472
NUGET
  remote: https://api.nuget.org/v3/index.json
    FsCheck (2.12.1)
      FSharp.Core (>= 4.0.0.1)
    FSharp.Collections.ParallelSeq (1.1.2)
      FSharp.Core (>= 4.0.0.1)
      System.ValueTuple (>= 4.3.1)
    FSharp.Core (4.0.0.1)
    System.ValueTuple (4.5)
    WebSharper (4.5.7.322)
    WebSharper.FSharp (4.5.7.322)
      WebSharper (4.5.7.322)
