REDIRECTS: ON
RESTRICTION: == net472
NUGET
  remote: https://api.nuget.org/v3/index.json
    Expecto (8.9.1)
      FSharp.Core (>= 4.3.4)
      Mono.Cecil (>= 0.10.3)
    Expecto.VisualStudio.TestAdapter (10.0.2) - version_in_path: true
      Expecto (>= 8.0 < 9.0)
      FSharp.Core (>= 4.0 < 5.0)
      Microsoft.TestPlatform.ObjectModel (>= 15.0 < 16.0)
      Mono.Cecil (>= 0.10 < 0.11)
      Newtonsoft.Json (>= 11.0.2 < 12.0)
    FsCheck (2.13)
      FSharp.Core (>= 4.2.3)
    FSharp.Collections.ParallelSeq (1.1.2)
      FSharp.Core (>= 4.0.0.1)
      System.ValueTuple (>= 4.3.1)
    FSharp.Core (4.3.4)
    Microsoft.TestPlatform.ObjectModel (15.9.1) - version_in_path: true
      System.Reflection.Metadata (>= 1.3)
      System.Runtime.InteropServices.RuntimeInformation (>= 4.3)
    Mono.Cecil (0.10.3) - version_in_path: true
    Newtonsoft.Json (11.0.2) - version_in_path: true
    System.Collections.Immutable (1.5)
    System.Reflection.Metadata (1.6.0) - version_in_path: true
      System.Collections.Immutable (>= 1.5)
    System.Runtime.InteropServices.RuntimeInformation (4.3.0) - version_in_path: true
    System.ValueTuple (4.5)
    WebSharper (4.5.10.332)
      FSharp.Core (>= 4.2.3)
    WebSharper.FSharp (4.5.10.332)
      WebSharper (4.5.10.332)
    YoloDev.Expecto.TestSdk (0.7)
      Expecto (>= 8.4 < 9.0)
      FSharp.Core (>= 4.3.2)
      System.Collections.Immutable (>= 1.4)
      System.ValueTuple (>= 4.4)
