REDIRECTS: ON
RESTRICTION: == net451
NUGET
  remote: https://www.nuget.org/api/v2
    FsCheck (2.8.2)
      FSharp.Core (>= 3.1.2.5)
    FSharp.Collections.ParallelSeq (1.0.2)
    FSharp.Core (4.0.0.1)
    FsUnit.xUnit (3.0)
      FSharp.Core (>= 3.1.2.5)
      xunit (2.1)
    xunit (2.1)
      xunit.assert (2.1)
      xunit.core (2.1)
    xunit.abstractions (2.0)
    xunit.assert (2.1)
    xunit.core (2.1)
      xunit.extensibility.core (2.1)
      xunit.extensibility.execution (2.1)
    xunit.extensibility.core (2.1)
      xunit.abstractions (2.0)
    xunit.extensibility.execution (2.1)
      xunit.extensibility.core (2.1)
    xunit.runner.console (2.2)
    xunit.runner.visualstudio (2.2.0) - version_in_path: true
    Zafir (4.0.188.91-beta10)
    Zafir.FSharp (4.0.188.91-beta10)
      Zafir (>= 4.0.188.91-beta10)
